PATH
  remote: .
  specs:
    drjprogramming_palindrome (0.1.0)

GEM
  remote: https://rubygems.org/
  specs:
    ansi (1.5.0)
    builder (3.3.0)
    date (3.4.1)
    erb (5.0.1)
    io-console (0.8.0)
    irb (1.15.2)
      pp (>= 0.6.0)
      rdoc (>= 4.0.0)
      reline (>= 0.4.2)
    minitest (5.25.5)
    minitest-reporters (1.7.1)
      ansi
      builder
      minitest (>= 5.0)
      ruby-progressbar
    pp (0.6.2)
      prettyprint
    prettyprint (0.2.0)
    psych (5.2.6)
      date
      stringio
    rake (13.2.1)
    rdoc (6.14.0)
      erb
      psych (>= 4.0.0)
    reline (0.6.1)
      io-console (~> 0.5)
    ruby-progressbar (1.13.0)
    stringio (3.1.7)

PLATFORMS
  arm64-darwin-22
  ruby

DEPENDENCIES
  bundler (> 1.16)
  drjprogramming_palindrome!
  irb
  minitest (~> 5.16)
  minitest-reporters (= 1.7.1)
  rake (~> 13.0)

BUNDLED WITH
   2.6.9
